GEM
  remote: https://rubygems.org/
  specs:
    diff-lcs (1.2.5)
    eventmachine (1.0.7)
    graphite-api (0.1.5)
      eventmachine (>= 0.3.3)
      zscheduler (>= 0.0.3)
    multi_json (1.11.0)
    net-scp (1.2.1)
      net-ssh (>= 2.6.5)
    net-ssh (2.9.2)
    rspec (3.2.0)
      rspec-core (~> 3.2.0)
      rspec-expectations (~> 3.2.0)
      rspec-mocks (~> 3.2.0)
    rspec-core (3.2.2)
      rspec-support (~> 3.2.0)
    rspec-expectations (3.2.0)
      diff-lcs (>= 1.2.0, < 2.0)
      rspec-support (~> 3.2.0)
    rspec-its (1.2.0)
      rspec-core (>= 3.0.0)
      rspec-expectations (>= 3.0.0)
    rspec-mocks (3.2.1)
      diff-lcs (>= 1.2.0, < 2.0)
      rspec-support (~> 3.2.0)
    rspec-support (3.2.2)
    serverspec (2.14.0)
      multi_json
      rspec (~> 3.0)
      rspec-its
      specinfra (~> 2.25)
    specinfra (2.27.0)
      net-scp
      net-ssh
    zscheduler (0.0.6)
      eventmachine

PLATFORMS
  ruby

DEPENDENCIES
  graphite-api
  serverspec
